GEM
  remote: https://rubygems.org/
  specs:
    pg (0.18.4)

PLATFORMS
  ruby

DEPENDENCIES
  pg (= 0.18.4)

RUBY VERSION
   ruby 2.3.1p112

BUNDLED WITH
   1.13.1
